GEM
  remote: https://rubygems.org/
  specs:
    fileutils (0.7)
      rmagick (>= 2.13.1)
    rmagick (2.13.1)
    sequel (3.40.0)

PLATFORMS
  ruby

DEPENDENCIES
  fileutils
  sequel
